GEM
  remote: https://rubygems.org/
  specs:
    hoe (3.16.2)
      rake (>= 0.8, < 13.0)
    minitest (5.14.3)
    rake (12.3.3)
    rdoc (5.0.1)
    systemu (2.6.5)

PLATFORMS
  x86_64-linux

DEPENDENCIES
  hoe (~> 3.16.0)
  minitest (~> 5.14.0)
  rdoc (~> 5.0.0)
  systemu (~> 2.6)

BUNDLED WITH
   2.2.5
